GEM
  remote: https://rubygems.org/
  specs:
    serialport (1.3.0)
    thor (0.18.1)

PLATFORMS
  ruby

DEPENDENCIES
  serialport
  thor
